PATH
  remote: .
  specs:
    xcpretty-yoomoney-formatter (1.0.8)
      xcpretty (~> 0.2, >= 0.0.7)

GEM
  remote: https://rubygems.org/
  specs:
    bacon (1.2.0)
    rake (12.3.2)
    rouge (2.0.7)
    xcpretty (0.3.0)
      rouge (~> 2.0.7)

PLATFORMS
  ruby

DEPENDENCIES
  bacon (~> 1.2)
  bundler (~> 1.3)
  rake
  xcpretty-yoomoney-formatter!

BUNDLED WITH
   1.16.2
